NRRD0001
# Complete NRRD file format specification at:
# http://teem.sourceforge.net/nrrd/format.html
type: float
dimension: 3
sizes: 64 64 64
endian: little
encoding: raw
data file: ./vol_2flat_idx_0_X-xyz-64X64X64.raw
